GIT
  remote: https://github.com/binarylogic/authlogic.git
  revision: 318c758ad5cc8901a0d4c52c90af28519e0f8d19
  ref: refs/pull/770/head
  specs:
    authlogic (6.4.3)
      activemodel (>= 5.2, < 8.1)
      activerecord (>= 5.2, < 8.1)
      activesupport (>= 5.2, < 8.1)
      request_store (~> 1.0)

GIT
  remote: https://github.com/fguillen/ruby_regex.git
  revision: fddb65579850b49e4ef95a95959d6b83fadbd158
  specs:
    ruby_regex (0.1.3)
      rake
      test-unit

GIT
  remote: https://github.com/jeromeag/safe_ruby.git
  revision: 5012ae20a13605b9c1c5be774cf3b3706d3bae4c
  specs:
    safe_ruby (1.0.5)
      childprocess (~> 5)

GEM
  remote: https://rubygems.org/
  specs:
    actioncable (7.2.2)
      actionpack (= 7.2.2)
      activesupport (= 7.2.2)
      nio4r (~> 2.0)
      websocket-driver (>= 0.6.1)
      zeitwerk (~> 2.6)
    actionmailbox (7.2.2)
      actionpack (= 7.2.2)
      activejob (= 7.2.2)
      activerecord (= 7.2.2)
      activestorage (= 7.2.2)
      activesupport (= 7.2.2)
      mail (>= 2.8.0)
    actionmailer (7.2.2)
      actionpack (= 7.2.2)
      actionview (= 7.2.2)
      activejob (= 7.2.2)
      activesupport (= 7.2.2)
      mail (>= 2.8.0)
      rails-dom-testing (~> 2.2)
    actionpack (7.2.2)
      actionview (= 7.2.2)
      activesupport (= 7.2.2)
      nokogiri (>= 1.8.5)
      racc
      rack (>= 2.2.4, < 3.2)
      rack-session (>= 1.0.1)
      rack-test (>= 0.6.3)
      rails-dom-testing (~> 2.2)
      rails-html-sanitizer (~> 1.6)
      useragent (~> 0.16)
    actiontext (7.2.2)
      actionpack (= 7.2.2)
      activerecord (= 7.2.2)
      activestorage (= 7.2.2)
      activesupport (= 7.2.2)
      globalid (>= 0.6.0)
      nokogiri (>= 1.8.5)
    actionview (7.2.2)
      activesupport (= 7.2.2)
      builder (~> 3.1)
      erubi (~> 1.11)
      rails-dom-testing (~> 2.2)
      rails-html-sanitizer (~> 1.6)
    active_storage_validations (1.3.4)
      activejob (>= 6.1.4)
      activemodel (>= 6.1.4)
      activestorage (>= 6.1.4)
      activesupport (>= 6.1.4)
      marcel (>= 1.0.3)
    activejob (7.2.2)
      activesupport (= 7.2.2)
      globalid (>= 0.3.6)
    activemodel (7.2.2)
      activesupport (= 7.2.2)
    activerecord (7.2.2)
      activemodel (= 7.2.2)
      activesupport (= 7.2.2)
      timeout (>= 0.4.0)
    activestorage (7.2.2)
      actionpack (= 7.2.2)
      activejob (= 7.2.2)
      activerecord (= 7.2.2)
      activesupport (= 7.2.2)
      marcel (~> 1.0)
    activesupport (7.2.2)
      base64
      benchmark (>= 0.3)
      bigdecimal
      concurrent-ruby (~> 1.0, >= 1.3.1)
      connection_pool (>= 2.2.5)
      drb
      i18n (>= 1.6, < 2)
      logger (>= 1.4.2)
      minitest (>= 5.1)
      securerandom (>= 0.3)
      tzinfo (~> 2.0, >= 2.0.5)
    acts-as-taggable-on (12.0.0)
      activerecord (>= 7.1, < 8.1)
      zeitwerk (>= 2.4, < 3.0)
    amazing_print (1.6.0)
    ast (2.4.2)
    aws-eventstream (1.3.0)
    aws-partitions (1.1013.0)
    aws-sdk-core (3.213.0)
      aws-eventstream (~> 1, >= 1.3.0)
      aws-partitions (~> 1, >= 1.992.0)
      aws-sigv4 (~> 1.9)
      jmespath (~> 1, >= 1.6.1)
    aws-sdk-kms (1.96.0)
      aws-sdk-core (~> 3, >= 3.210.0)
      aws-sigv4 (~> 1.5)
    aws-sdk-s3 (1.173.0)
      aws-sdk-core (~> 3, >= 3.210.0)
      aws-sdk-kms (~> 1)
      aws-sigv4 (~> 1.5)
    aws-sigv4 (1.10.1)
      aws-eventstream (~> 1, >= 1.0.2)
    axiom-types (0.1.1)
      descendants_tracker (~> 0.0.4)
      ice_nine (~> 0.11.0)
      thread_safe (~> 0.3, >= 0.3.1)
    base64 (0.2.0)
    benchmark (0.4.0)
    bigdecimal (3.1.8)
    bindex (0.8.1)
    bluecloth (2.2.0)
    bootsnap (1.18.4)
      msgpack (~> 1.2)
    brakeman (6.2.2)
      racc
    builder (3.3.0)
    bundle-audit (0.1.0)
      bundler-audit
    bundler-audit (0.9.2)
      bundler (>= 1.2.0, < 3)
      thor (~> 1.0)
    byebug (11.1.3)
    chartkick (5.1.2)
    childprocess (5.1.0)
      logger (~> 1.5)
    coercible (1.0.0)
      descendants_tracker (~> 0.0.1)
    concurrent-ruby (1.3.4)
    connection_pool (2.4.1)
    crass (1.0.6)
    cronex (0.15.0)
      tzinfo
      unicode (>= 0.4.4.5)
    data_migrate (11.2.0)
      activerecord (>= 6.1)
      railties (>= 6.1)
    date (3.4.0)
    debug (1.9.2)
      irb (~> 1.10)
      reline (>= 0.3.8)
    descendants_tracker (0.0.4)
      thread_safe (~> 0.3, >= 0.3.1)
    docile (1.4.1)
    dockerfile-rails (1.6.24)
      rails (>= 3.0.0)
    dotenv (3.1.4)
    dotenv-rails (3.1.4)
      dotenv (= 3.1.4)
      railties (>= 6.1)
    drb (2.2.1)
    equalizer (0.0.11)
    error_highlight (0.6.0)
    erubi (1.13.0)
    et-orbi (1.2.11)
      tzinfo
    event_stream_parser (1.0.0)
    execjs (2.10.0)
    factory_bot (6.5.0)
      activesupport (>= 5.0.0)
    faker (3.5.1)
      i18n (>= 1.8.11, < 2)
    faraday (2.12.1)
      faraday-net_http (>= 2.0, < 3.5)
      json
      logger
    faraday-multipart (1.0.4)
      multipart-post (~> 2)
    faraday-net_http (3.4.0)
      net-http (>= 0.5.0)
    fast_blank (1.0.1)
    ffi (1.17.0)
    ffi (1.17.0-x86_64-linux-gnu)
    ffi-compiler (1.3.2)
      ffi (>= 1.15.5)
      rake
    fugit (1.11.1)
      et-orbi (~> 1, >= 1.2.11)
      raabro (~> 1.4)
    globalid (1.2.1)
      activesupport (>= 6.1)
    google-protobuf (4.28.3)
      bigdecimal
      rake (>= 13)
    google-protobuf (4.28.3-x86_64-linux)
      bigdecimal
      rake (>= 13)
    googleapis-common-protos-types (1.16.0)
      google-protobuf (>= 3.18, < 5.a)
    hashie (5.0.0)
    highline (3.1.1)
      reline
    http_logger (0.7.0)
    i18n (1.14.6)
      concurrent-ruby (~> 1.0)
    i18n-tasks (1.0.14)
      activesupport (>= 4.0.2)
      ast (>= 2.1.0)
      erubi
      highline (>= 2.0.0)
      i18n
      parser (>= 3.2.2.1)
      rails-i18n
      rainbow (>= 2.2.2, < 4.0)
      terminal-table (>= 1.5.1)
    ice_nine (0.11.2)
    image_processing (1.13.0)
      mini_magick (>= 4.9.5, < 5)
      ruby-vips (>= 2.0.17, < 3)
    importmap-rails (2.0.3)
      actionpack (>= 6.0.0)
      activesupport (>= 6.0.0)
      railties (>= 6.0.0)
    io-console (0.7.2)
    irb (1.14.1)
      rdoc (>= 4.0.0)
      reline (>= 0.4.2)
    jbuilder (2.13.0)
      actionview (>= 5.0.0)
      activesupport (>= 5.0.0)
    jmespath (1.6.2)
    jquery-rails (4.6.0)
      rails-dom-testing (>= 1, < 3)
      railties (>= 4.2.0)
      thor (>= 0.14, < 2.0)
    json (2.8.2)
    jwt (2.9.3)
      base64
    kaminari (1.2.2)
      activesupport (>= 4.1.0)
      kaminari-actionview (= 1.2.2)
      kaminari-activerecord (= 1.2.2)
      kaminari-core (= 1.2.2)
    kaminari-actionview (1.2.2)
      actionview
      kaminari-core (= 1.2.2)
    kaminari-activerecord (1.2.2)
      activerecord
      kaminari-core (= 1.2.2)
    kaminari-core (1.2.2)
    listen (3.9.0)
      rb-fsevent (~> 0.10, >= 0.10.3)
      rb-inotify (~> 0.9, >= 0.9.10)
    log_book (0.9.1)
      acts-as-taggable-on (>= 8.0)
      rails (>= 6.0)
    logger (1.6.1)
    loofah (2.23.1)
      crass (~> 1.0.2)
      nokogiri (>= 1.12.0)
    macaddr (1.7.2)
      systemu (~> 2.6.5)
    mail (2.8.1)
      mini_mime (>= 0.1.1)
      net-imap
      net-pop
      net-smtp
    marcel (1.0.4)
    mini_magick (4.13.2)
    mini_mime (1.1.5)
    mini_portile2 (2.8.8)
    minitest (5.25.2)
    mocha (2.6.0)
      ruby2_keywords (>= 0.0.5)
    msgpack (1.7.5)
    multi_xml (0.7.1)
      bigdecimal (~> 3.1)
    multipart-post (2.4.1)
    net-http (0.5.0)
      uri
    net-imap (0.5.1)
      date
      net-protocol
    net-pop (0.1.2)
      net-protocol
    net-protocol (0.2.2)
      timeout
    net-smtp (0.5.0)
      net-protocol
    nio4r (2.7.4)
    nokogiri (1.16.7)
      mini_portile2 (~> 2.8.2)
      racc (~> 1.4)
    nokogiri (1.16.7-x86_64-linux)
      racc (~> 1.4)
    oauth2 (2.0.9)
      faraday (>= 0.17.3, < 3.0)
      jwt (>= 1.0, < 3.0)
      multi_xml (~> 0.5)
      rack (>= 1.2, < 4)
      snaky_hash (~> 2.0)
      version_gem (~> 1.1)
    oj (3.16.7)
      bigdecimal (>= 3.0)
      ostruct (>= 0.2)
    omniauth (2.1.2)
      hashie (>= 3.4.6)
      rack (>= 2.2.3)
      rack-protection
    omniauth-google-oauth2 (1.2.0)
      jwt (>= 2.9)
      oauth2 (~> 2.0)
      omniauth (~> 2.0)
      omniauth-oauth2 (~> 1.8)
    omniauth-oauth2 (1.8.0)
      oauth2 (>= 1.4, < 3)
      omniauth (~> 2.0)
    omniauth-rails_csrf_protection (1.0.2)
      actionpack (>= 4.2)
      omniauth (~> 2.0)
    open_router (0.3.3)
      activesupport (>= 6.0)
      dotenv (>= 2)
      faraday (>= 1)
      faraday-multipart (>= 1)
    openai (0.3.0)
    opentelemetry-api (1.4.0)
    opentelemetry-common (0.21.0)
      opentelemetry-api (~> 1.0)
    opentelemetry-exporter-otlp (0.29.0)
      google-protobuf (>= 3.18)
      googleapis-common-protos-types (~> 1.3)
      opentelemetry-api (~> 1.1)
      opentelemetry-common (~> 0.20)
      opentelemetry-sdk (~> 1.2)
      opentelemetry-semantic_conventions
    opentelemetry-helpers-mysql (0.1.1)
      opentelemetry-api (~> 1.0)
      opentelemetry-common (~> 0.21)
    opentelemetry-helpers-sql-obfuscation (0.2.0)
      opentelemetry-common (~> 0.21)
    opentelemetry-instrumentation-action_mailer (0.2.0)
      opentelemetry-api (~> 1.0)
      opentelemetry-instrumentation-active_support (~> 0.1)
      opentelemetry-instrumentation-base (~> 0.22.1)
    opentelemetry-instrumentation-action_pack (0.10.0)
      opentelemetry-api (~> 1.0)
      opentelemetry-instrumentation-base (~> 0.22.1)
      opentelemetry-instrumentation-rack (~> 0.21)
    opentelemetry-instrumentation-action_view (0.7.3)
      opentelemetry-api (~> 1.0)
      opentelemetry-instrumentation-active_support (~> 0.6)
      opentelemetry-instrumentation-base (~> 0.22.1)
    opentelemetry-instrumentation-active_job (0.7.8)
      opentelemetry-api (~> 1.0)
      opentelemetry-instrumentation-base (~> 0.22.1)
    opentelemetry-instrumentation-active_record (0.8.1)
      opentelemetry-api (~> 1.0)
      opentelemetry-instrumentation-base (~> 0.22.1)
    opentelemetry-instrumentation-active_support (0.6.0)
      opentelemetry-api (~> 1.0)
      opentelemetry-instrumentation-base (~> 0.22.1)
    opentelemetry-instrumentation-base (0.22.6)
      opentelemetry-api (~> 1.0)
      opentelemetry-common (~> 0.21)
      opentelemetry-registry (~> 0.1)
    opentelemetry-instrumentation-mysql2 (0.28.0)
      opentelemetry-api (~> 1.0)
      opentelemetry-helpers-mysql
      opentelemetry-helpers-sql-obfuscation
      opentelemetry-instrumentation-base (~> 0.22.1)
    opentelemetry-instrumentation-net_http (0.22.7)
      opentelemetry-api (~> 1.0)
      opentelemetry-instrumentation-base (~> 0.22.1)
    opentelemetry-instrumentation-rack (0.25.0)
      opentelemetry-api (~> 1.0)
      opentelemetry-instrumentation-base (~> 0.22.1)
    opentelemetry-instrumentation-rails (0.33.0)
      opentelemetry-api (~> 1.0)
      opentelemetry-instrumentation-action_mailer (~> 0.2.0)
      opentelemetry-instrumentation-action_pack (~> 0.10.0)
      opentelemetry-instrumentation-action_view (~> 0.7.0)
      opentelemetry-instrumentation-active_job (~> 0.7.0)
      opentelemetry-instrumentation-active_record (~> 0.8.0)
      opentelemetry-instrumentation-active_support (~> 0.6.0)
      opentelemetry-instrumentation-base (~> 0.22.1)
    opentelemetry-registry (0.3.1)
      opentelemetry-api (~> 1.1)
    opentelemetry-sdk (1.5.0)
      opentelemetry-api (~> 1.1)
      opentelemetry-common (~> 0.20)
      opentelemetry-registry (~> 0.2)
      opentelemetry-semantic_conventions
    opentelemetry-semantic_conventions (1.10.1)
      opentelemetry-api (~> 1.0)
    ostruct (0.6.1)
    parser (3.3.6.0)
      ast (~> 2.4.1)
      racc
    pg (1.5.9)
    power_assert (2.0.4)
    prometheus-client (4.2.3)
      base64
    psych (5.2.0)
      stringio
    puma (6.5.0)
      nio4r (~> 2.0)
    raabro (1.4.0)
    racc (1.8.1)
    rack (3.1.8)
    rack-cors (2.0.2)
      rack (>= 2.0.0)
    rack-protection (4.1.1)
      base64 (>= 0.1.0)
      logger (>= 1.6.0)
      rack (>= 3.0.0, < 4)
    rack-session (2.0.0)
      rack (>= 3.0.0)
    rack-test (2.1.0)
      rack (>= 1.3)
    rackup (2.2.1)
      rack (>= 3)
    rails (7.2.2)
      actioncable (= 7.2.2)
      actionmailbox (= 7.2.2)
      actionmailer (= 7.2.2)
      actionpack (= 7.2.2)
      actiontext (= 7.2.2)
      actionview (= 7.2.2)
      activejob (= 7.2.2)
      activemodel (= 7.2.2)
      activerecord (= 7.2.2)
      activestorage (= 7.2.2)
      activesupport (= 7.2.2)
      bundler (>= 1.15.0)
      railties (= 7.2.2)
    rails-controller-testing (1.0.5)
      actionpack (>= 5.0.1.rc1)
      actionview (>= 5.0.1.rc1)
      activesupport (>= 5.0.1.rc1)
    rails-dom-testing (2.2.0)
      activesupport (>= 5.0.0)
      minitest
      nokogiri (>= 1.6)
    rails-html-sanitizer (1.6.0)
      loofah (~> 2.21)
      nokogiri (~> 1.14)
    rails-i18n (7.0.10)
      i18n (>= 0.7, < 2)
      railties (>= 6.0.0, < 8)
    railties (7.2.2)
      actionpack (= 7.2.2)
      activesupport (= 7.2.2)
      irb (~> 1.13)
      rackup (>= 1.0.0)
      rake (>= 12.2)
      thor (~> 1.0, >= 1.2.2)
      zeitwerk (~> 2.6)
    rainbow (3.1.1)
    rake (13.2.1)
    rb-fsevent (0.11.2)
    rb-inotify (0.11.1)
      ffi (~> 1.0)
    rb_sys (0.9.87)
    rdoc (6.8.1)
      psych (>= 4.0.0)
    redcarpet (3.6.0)
    redis (4.8.1)
    redis-client (0.22.2)
      connection_pool
    reline (0.5.11)
      io-console (~> 0.5)
    request_store (1.7.0)
      rack (>= 1.4)
    rexml (3.3.9)
    rollbar (3.6.0)
    ruby-openai (7.3.1)
      event_stream_parser (>= 0.3.0, < 2.0.0)
      faraday (>= 1)
      faraday-multipart (>= 1)
    ruby-vips (2.2.2)
      ffi (~> 1.12)
      logger
    ruby2_keywords (0.0.5)
    ruby_http_client (3.5.5)
    scrypt (3.0.8)
      ffi-compiler (>= 1.0, < 2.0)
      rake (>= 9, < 14)
    securerandom (0.3.2)
    sendgrid-actionmailer (3.2.0)
      mail (~> 2.7)
      sendgrid-ruby (~> 6.4)
    sendgrid-ruby (6.7.0)
      ruby_http_client (~> 3.4)
    sequel (5.86.0)
      bigdecimal
    shortuuid (0.6.0)
    sidekiq (7.3.6)
      connection_pool (>= 2.3.0)
      logger
      rack (>= 2.2.4)
      redis-client (>= 0.22.2)
    sidekiq-cron (2.0.0.rc1)
      cronex (>= 0.13.0)
      fugit (~> 1.8)
      globalid (>= 1.0.1)
      sidekiq (>= 6)
    simplecov (0.22.0)
      docile (~> 1.1)
      simplecov-html (~> 0.11)
      simplecov_json_formatter (~> 0.1)
    simplecov-html (0.13.1)
    simplecov_json_formatter (0.1.4)
    snaky_hash (2.0.1)
      hashie
      version_gem (~> 1.1, >= 1.1.1)
    spring (4.2.1)
    spring-watcher-listen (2.1.0)
      listen (>= 2.7, < 4.0)
      spring (>= 4)
    sprockets (4.2.1)
      concurrent-ruby (~> 1.0)
      rack (>= 2.2.4, < 4)
    sprockets-rails (3.5.2)
      actionpack (>= 6.1)
      activesupport (>= 6.1)
      sprockets (>= 3.0.0)
    sqlite3 (2.3.0)
      mini_portile2 (~> 2.8.0)
    sqlite3 (2.3.0-x86_64-linux-gnu)
    stimulus-rails (1.3.4)
      railties (>= 6.0.0)
    stringio (3.1.2)
    strip_attributes (1.14.0)
      activemodel (>= 3.0, < 9.0)
    style_palette (0.0.7)
    systemu (2.6.5)
    terminal-table (3.0.2)
      unicode-display_width (>= 1.1.1, < 3)
    test-unit (3.6.3)
      power_assert
    thor (1.3.2)
    thread_safe (0.3.6)
    tiktoken_ruby (0.0.9)
      rb_sys (= 0.9.87)
    tiktoken_ruby (0.0.9-x86_64-linux)
    timecop (0.9.10)
    timeout (0.4.2)
    turbo-rails (2.0.11)
      actionpack (>= 6.0.0)
      railties (>= 6.0.0)
    turnstile-captcha (0.1.5)
      faraday
      hashie
      rails (>= 6.1.0)
    tzinfo (2.0.6)
      concurrent-ruby (~> 1.0)
    tzinfo-data (1.2024.2)
      tzinfo (>= 1.0.0)
    uglifier (4.2.1)
      execjs (>= 0.3.0, < 3)
    unicode (0.4.4.5)
    unicode-display_width (2.6.0)
    uri (1.0.2)
    useragent (0.16.10)
    uuid (2.3.9)
      macaddr (~> 1.0)
    version_gem (1.1.4)
    virtus (1.0.5)
      axiom-types (~> 0.1)
      coercible (~> 1.0)
      descendants_tracker (~> 0.0, >= 0.0.3)
      equalizer (~> 0.0, >= 0.0.9)
    virtus-relations (1.0.0)
      virtus (~> 1)
    web-console (4.2.1)
      actionview (>= 6.0.0)
      activemodel (>= 6.0.0)
      bindex (>= 0.4.0)
      railties (>= 6.0.0)
    websocket-driver (0.7.6)
      websocket-extensions (>= 0.1.0)
    websocket-extensions (0.1.5)
    zeitwerk (2.7.1)

PLATFORMS
  ruby
  x86_64-linux

DEPENDENCIES
  active_storage_validations
  acts-as-taggable-on
  amazing_print
  authlogic!
  aws-sdk-s3
  bluecloth
  bootsnap
  brakeman
  bundle-audit
  byebug
  chartkick
  cronex
  data_migrate
  debug
  dockerfile-rails (>= 1.6)
  dotenv-rails
  error_highlight (>= 0.4.0)
  factory_bot
  faker
  fast_blank
  http_logger
  i18n-tasks
  image_processing
  importmap-rails
  jbuilder
  jquery-rails
  kaminari
  log_book
  minitest
  mocha
  oj
  omniauth-google-oauth2
  omniauth-rails_csrf_protection (~> 1.0)
  open_router
  openai
  opentelemetry-exporter-otlp
  opentelemetry-instrumentation-mysql2
  opentelemetry-instrumentation-net_http
  opentelemetry-instrumentation-rack
  opentelemetry-instrumentation-rails
  pg
  prometheus-client
  puma
  rack-cors
  rails (= 7.2.2)
  rails-controller-testing
  redcarpet
  redis (~> 4.0)
  rexml
  rollbar
  ruby-openai
  ruby_regex!
  safe_ruby!
  scrypt
  sendgrid-actionmailer
  sequel
  shortuuid
  sidekiq
  sidekiq-cron (= 2.0.0.rc1)
  simplecov
  spring
  spring-watcher-listen
  sprockets-rails
  sqlite3
  stimulus-rails
  strip_attributes
  style_palette
  tiktoken_ruby
  timecop
  turbo-rails
  turnstile-captcha
  tzinfo-data
  uglifier
  uuid
  virtus
  virtus-relations
  web-console

RUBY VERSION
   ruby 3.3.4p94

BUNDLED WITH
   2.3.8
